PATH
  remote: .
  specs:
    licenserec.rb (0.1.0)

GEM
  remote: https://rubygems.org/
  specs:
    childprocess (4.1.0)
    rake (13.0.6)

PLATFORMS
  x64-mingw32

DEPENDENCIES
  childprocess (~> 4.1)
  licenserec.rb!
  rake (~> 13.0)

BUNDLED WITH
   2.3.17
